GIT
  remote: https://github.com/wasya-co/spree.git
  revision: 1fa0185ef7371eb1f14eef4ec4ffcc59e7fc4a67
  branch: 3.7.17
  specs:
    spree (3.7.17)
      spree_api (= 3.7.17)
      spree_backend (= 3.7.17)
      spree_cmd (= 3.7.17)
      spree_core (= 3.7.17)
      spree_frontend (= 3.7.17)
      spree_sample (= 3.7.17)
    spree_api (3.7.17)
      doorkeeper (~> 5.0)
      fast_jsonapi (~> 1.5)
      rabl (~> 0.13.1)
      spree_core (= 3.7.17)
      versioncake (~> 3.4.0)
    spree_backend (3.7.17)
      bootstrap-sass (~> 3.4)
      jquery-rails (~> 4.3)
      jquery-ui-rails (~> 6.0.1)
      select2-rails (= 3.5.9.1)
      spree_api (= 3.7.17)
      spree_core (= 3.7.17)
    spree_cmd (3.7.17)
      thor (~> 0.14)
    spree_core (3.7.17)
      activemerchant (~> 1.67)
      acts-as-taggable-on (~> 6.0.0)
      acts_as_list (~> 0.8)
      awesome_nested_set (~> 3.2.0)
      cancancan (~> 2.0)
      carmen (~> 1.0.0)
      deface (~> 1.0)
      ffaker (~> 2.9)
      friendly_id (~> 5.2.1)
      highline (~> 2.0.0)
      kaminari (~> 1.0.1)
      mini_magick (~> 4.9.4)
      monetize (~> 1.9)
      money (~> 6.13)
      paperclip (~> 6.1.0)
      paranoia (~> 2.4.1)
      premailer-rails
      rails (~> 5.2.4, >= 5.2.4)
      ransack (~> 2.1.1)
      responders
      sprockets (~> 3.7)
      sprockets-rails
      state_machines-activerecord (~> 0.5)
      stringex
      twitter_cldr (~> 4.3)
    spree_frontend (3.7.17)
      bootstrap-sass (~> 3.4)
      canonical-rails (~> 0.2.3)
      jquery-rails (~> 4.3)
      spree_api (= 3.7.17)
      spree_core (= 3.7.17)
    spree_sample (3.7.17)
      spree_core (= 3.7.17)

GIT
  remote: https://github.com/wasya-co/spree_auth_devise.git
  revision: 75164532b89441bb2ab3fd64a024ba93f179db37
  branch: 3.5.2
  specs:
    spree_auth_devise (3.5.2)
      devise (>= 4.4, < 4.7)
      devise-encryptable (= 0.2.0)
      spree_core (>= 3.1.0, < 4.0)
      spree_extension

GIT
  remote: https://github.com/wasya-co/spree_gateway.git
  revision: 8215a4af9a33cf1d6cb1522e7276fa355cf74412
  branch: master
  specs:
    spree_gateway (3.9.4)
      spree_core (>= 3.7.0)
      spree_extension

GEM
  remote: https://rubygems.org/
  specs:
    actioncable (5.2.8.1)
      actionpack (= 5.2.8.1)
      nio4r (~> 2.0)
      websocket-driver (>= 0.6.1)
    actionmailer (5.2.8.1)
      actionpack (= 5.2.8.1)
      actionview (= 5.2.8.1)
      activejob (= 5.2.8.1)
      mail (~> 2.5, >= 2.5.4)
      rails-dom-testing (~> 2.0)
    actionpack (5.2.8.1)
      actionview (= 5.2.8.1)
      activesupport (= 5.2.8.1)
      rack (~> 2.0, >= 2.0.8)
      rack-test (>= 0.6.3)
      rails-dom-testing (~> 2.0)
      rails-html-sanitizer (~> 1.0, >= 1.0.2)
    actionview (5.2.8.1)
      activesupport (= 5.2.8.1)
      builder (~> 3.1)
      erubi (~> 1.4)
      rails-dom-testing (~> 2.0)
      rails-html-sanitizer (~> 1.0, >= 1.0.3)
    activejob (5.2.8.1)
      activesupport (= 5.2.8.1)
      globalid (>= 0.3.6)
    activemerchant (1.126.0)
      activesupport (>= 4.2)
      builder (>= 2.1.2, < 4.0.0)
      i18n (>= 0.6.9)
      nokogiri (~> 1.4)
    activemodel (5.2.8.1)
      activesupport (= 5.2.8.1)
    activerecord (5.2.8.1)
      activemodel (= 5.2.8.1)
      activesupport (= 5.2.8.1)
      arel (>= 9.0)
    activestorage (5.2.8.1)
      actionpack (= 5.2.8.1)
      activerecord (= 5.2.8.1)
      marcel (~> 1.0.0)
    activesupport (5.2.8.1)
      concurrent-ruby (~> 1.0, >= 1.0.2)
      i18n (>= 0.7, < 2)
      minitest (~> 5.1)
      tzinfo (~> 1.1)
    acts-as-taggable-on (6.0.0)
      activerecord (~> 5.0)
    acts_as_list (0.9.19)
      activerecord (>= 3.0)
    addressable (2.8.1)
      public_suffix (>= 2.0.2, < 6.0)
    airbrussh (1.4.1)
      sshkit (>= 1.6.1, != 1.7.0)
    archive-zip (0.12.0)
      io-like (~> 0.3.0)
    arel (9.0.0)
    autoprefixer-rails (10.4.7.0)
      execjs (~> 2)
    awesome_nested_set (3.2.1)
      activerecord (>= 4.0.0, < 7.0)
    aws-eventstream (1.2.0)
    aws-partitions (1.655.0)
    aws-sdk-core (3.166.0)
      aws-eventstream (~> 1, >= 1.0.2)
      aws-partitions (~> 1, >= 1.651.0)
      aws-sigv4 (~> 1.5)
      jmespath (~> 1, >= 1.6.1)
    aws-sdk-kms (1.59.0)
      aws-sdk-core (~> 3, >= 3.165.0)
      aws-sigv4 (~> 1.1)
    aws-sdk-s3 (1.117.1)
      aws-sdk-core (~> 3, >= 3.165.0)
      aws-sdk-kms (~> 1)
      aws-sigv4 (~> 1.4)
    aws-sigv4 (1.5.2)
      aws-eventstream (~> 1, >= 1.0.2)
    bcrypt (3.1.18)
    bindex (0.8.1)
    bootsnap (1.13.0)
      msgpack (~> 1.2)
    bootstrap-sass (3.4.1)
      autoprefixer-rails (>= 5.2.1)
      sassc (>= 2.0.0)
    builder (3.2.4)
    byebug (11.1.3)
    camertron-eprun (1.1.1)
    cancancan (2.3.0)
    canonical-rails (0.2.14)
      rails (>= 4.1, <= 7.1)
    capistrano (3.17.1)
      airbrussh (>= 1.0.0)
      i18n
      rake (>= 10.0.0)
      sshkit (>= 1.9.0)
    capistrano-bundler (2.1.0)
      capistrano (~> 3.1)
    capistrano-rails (1.6.2)
      capistrano (~> 3.1)
      capistrano-bundler (>= 1.1, < 3)
    capybara (3.35.3)
      addressable
      mini_mime (>= 0.1.3)
      nokogiri (~> 1.8)
      rack (>= 1.6.0)
      rack-test (>= 0.6.3)
      regexp_parser (>= 1.5, < 3.0)
      xpath (~> 3.2)
    carmen (1.0.2)
      activesupport (>= 3.0.0)
    childprocess (3.0.0)
    chromedriver-helper (2.1.1)
      archive-zip (~> 0.10)
      nokogiri (~> 1.8)
    cldr-plurals-runtime-rb (1.1.0)
    climate_control (0.2.0)
    concurrent-ruby (1.1.10)
    crass (1.0.6)
    css_parser (1.12.0)
      addressable
    deface (1.9.0)
      actionview (>= 5.2)
      nokogiri (>= 1.6)
      polyglot
      railties (>= 5.2)
      rainbow (>= 2.1.0)
    devise (4.6.2)
      bcrypt (~> 3.0)
      orm_adapter (~> 0.1)
      railties (>= 4.1.0, < 6.0)
      responders
      warden (~> 1.2.3)
    devise-encryptable (0.2.0)
      devise (>= 2.1.0)
    doorkeeper (5.6.0)
      railties (>= 5)
    erubi (1.11.0)
    execjs (2.8.1)
    fast_jsonapi (1.5)
      activesupport (>= 4.2)
    ffaker (2.21.0)
    ffi (1.15.5)
    friendly_id (5.2.5)
      activerecord (>= 4.0.0)
    globalid (1.0.0)
      activesupport (>= 5.0)
    highline (2.0.3)
    htmlentities (4.3.4)
    i18n (1.12.0)
      concurrent-ruby (~> 1.0)
    io-like (0.3.1)
    jbuilder (2.11.5)
      actionview (>= 5.0.0)
      activesupport (>= 5.0.0)
    jmespath (1.6.1)
    jquery-rails (4.5.0)
      rails-dom-testing (>= 1, < 3)
      railties (>= 4.2.0)
      thor (>= 0.14, < 2.0)
    jquery-ui-rails (6.0.1)
      railties (>= 3.2.16)
    kaminari (1.0.1)
      activesupport (>= 4.1.0)
      kaminari-actionview (= 1.0.1)
      kaminari-activerecord (= 1.0.1)
      kaminari-core (= 1.0.1)
    kaminari-actionview (1.0.1)
      actionview
      kaminari-core (= 1.0.1)
    kaminari-activerecord (1.0.1)
      activerecord
      kaminari-core (= 1.0.1)
    kaminari-core (1.0.1)
    listen (3.1.5)
      rb-fsevent (~> 0.9, >= 0.9.4)
      rb-inotify (~> 0.9, >= 0.9.7)
      ruby_dep (~> 1.2)
    loofah (2.19.0)
      crass (~> 1.0.2)
      nokogiri (>= 1.5.9)
    mail (2.7.1)
      mini_mime (>= 0.1.1)
    marcel (1.0.2)
    method_source (1.0.0)
    mime-types (3.4.1)
      mime-types-data (~> 3.2015)
    mime-types-data (3.2022.0105)
    mimemagic (0.3.10)
      nokogiri (~> 1)
      rake
    mini_magick (4.9.5)
    mini_mime (1.1.2)
    minitest (5.15.0)
    monetize (1.12.0)
      money (~> 6.12)
    money (6.16.0)
      i18n (>= 0.6.4, <= 2)
    msgpack (1.6.0)
    mysql2 (0.5.4)
    net-scp (4.0.0)
      net-ssh (>= 2.6.5, < 8.0.0)
    net-ssh (6.1.0)
    nio4r (2.5.8)
    nokogiri (1.12.5-x86_64-darwin)
      racc (~> 1.4)
    orm_adapter (0.5.0)
    paperclip (6.1.0)
      activemodel (>= 4.2.0)
      activesupport (>= 4.2.0)
      mime-types
      mimemagic (~> 0.3.0)
      terrapin (~> 0.6.0)
    paranoia (2.4.3)
      activerecord (>= 4.0, < 6.2)
    polyglot (0.3.5)
    premailer (1.15.0)
      addressable
      css_parser (>= 1.6.0)
      htmlentities (>= 4.0.0)
    premailer-rails (1.11.1)
      actionmailer (>= 3)
      premailer (~> 1.7, >= 1.7.9)
    psych (4.0.1)
    public_suffix (4.0.7)
    puma (3.12.6)
    rabl (0.13.1)
      activesupport (>= 2.3.14)
    racc (1.6.0)
    rack (2.2.4)
    rack-test (2.0.2)
      rack (>= 1.3)
    rails (5.2.8.1)
      actioncable (= 5.2.8.1)
      actionmailer (= 5.2.8.1)
      actionpack (= 5.2.8.1)
      actionview (= 5.2.8.1)
      activejob (= 5.2.8.1)
      activemodel (= 5.2.8.1)
      activerecord (= 5.2.8.1)
      activestorage (= 5.2.8.1)
      activesupport (= 5.2.8.1)
      bundler (>= 1.3.0)
      railties (= 5.2.8.1)
      sprockets-rails (>= 2.0.0)
    rails-dom-testing (2.0.3)
      activesupport (>= 4.2.0)
      nokogiri (>= 1.6)
    rails-html-sanitizer (1.4.3)
      loofah (~> 2.3)
    railties (5.2.8.1)
      actionpack (= 5.2.8.1)
      activesupport (= 5.2.8.1)
      method_source
      rake (>= 0.8.7)
      thor (>= 0.19.0, < 2.0)
    rainbow (3.1.1)
    rake (13.0.6)
    ransack (2.1.1)
      actionpack (>= 5.0)
      activerecord (>= 5.0)
      activesupport (>= 5.0)
      i18n
    rb-fsevent (0.11.2)
    rb-inotify (0.10.1)
      ffi (~> 1.0)
    regexp_parser (2.6.0)
    responders (3.0.1)
      actionpack (>= 5.0)
      railties (>= 5.0)
    ruby_dep (1.5.0)
    rubyzip (2.3.2)
    sass (3.7.4)
      sass-listen (~> 4.0.0)
    sass-listen (4.0.0)
      rb-fsevent (~> 0.9, >= 0.9.4)
      rb-inotify (~> 0.9, >= 0.9.7)
    sass-rails (5.1.0)
      railties (>= 5.2.0)
      sass (~> 3.1)
      sprockets (>= 2.8, < 4.0)
      sprockets-rails (>= 2.0, < 4.0)
      tilt (>= 1.1, < 3)
    sassc (2.4.0)
      ffi (~> 1.9)
    select2-rails (3.5.9.1)
      thor (~> 0.14)
    selenium-webdriver (3.142.7)
      childprocess (>= 0.5, < 4.0)
      rubyzip (>= 1.2.2)
    spree_extension (0.0.9)
      activerecord (>= 4.2)
      spree_core
    sprockets (3.7.2)
      concurrent-ruby (~> 1.0)
      rack (> 1, < 3)
    sprockets-rails (3.4.2)
      actionpack (>= 5.2)
      activesupport (>= 5.2)
      sprockets (>= 3.0.0)
    sshkit (1.21.3)
      net-scp (>= 1.1.2)
      net-ssh (>= 2.8.0)
    state_machines (0.5.0)
    state_machines-activemodel (0.8.0)
      activemodel (>= 5.1)
      state_machines (>= 0.5.0)
    state_machines-activerecord (0.8.0)
      activerecord (>= 5.1)
      state_machines-activemodel (>= 0.8.0)
    stringex (2.8.5)
    terrapin (0.6.0)
      climate_control (>= 0.0.3, < 1.0)
    thor (0.20.3)
    thread_safe (0.3.6)
    tilt (2.0.11)
    turbolinks (5.2.1)
      turbolinks-source (~> 5.2)
    turbolinks-source (5.2.0)
    twitter_cldr (4.4.5)
      camertron-eprun
      cldr-plurals-runtime-rb (~> 1.0)
      tzinfo
    tzinfo (1.2.10)
      thread_safe (~> 0.1)
    uglifier (4.2.0)
      execjs (>= 0.3.0, < 3)
    versioncake (3.4.0)
      actionpack (>= 3.2)
      activesupport (>= 3.2)
      railties (>= 3.2)
      tzinfo
    warden (1.2.9)
      rack (>= 2.0.9)
    web-console (3.7.0)
      actionview (>= 5.0)
      activemodel (>= 5.0)
      bindex (>= 0.4.0)
      railties (>= 5.0)
    websocket-driver (0.7.5)
      websocket-extensions (>= 0.1.0)
    websocket-extensions (0.1.5)
    xpath (3.2.0)
      nokogiri (~> 1.8)

PLATFORMS
  x86_64-darwin-21

DEPENDENCIES
  aws-sdk-s3
  bootsnap (>= 1.1.0)
  byebug
  capistrano-rails
  capybara (>= 2.15)
  chromedriver-helper
  jbuilder (~> 2.5)
  listen (>= 3.0.5, < 3.2)
  mysql2 (>= 0.4.4, < 0.6.0)
  psych (= 4.0.1)
  puma (~> 3.11)
  rails (~> 5.2.8, >= 5.2.8.1)
  sass-rails (~> 5.0)
  selenium-webdriver
  spree (= 3.7.17)!
  spree_auth_devise!
  spree_gateway!
  turbolinks (~> 5)
  uglifier (>= 1.3.0)
  web-console (>= 3.3.0)

RUBY VERSION
   ruby 2.5.1p57

BUNDLED WITH
   2.3.24
